GEM
  remote: http://rubygems.org/
  specs:
    coffee-script (2.2.0)
      coffee-script-source
      execjs
    coffee-script-source (1.1.2)
    execjs (1.2.9)
      multi_json (~> 1.0)
    multi_json (1.0.3)
    rack (1.2.4)
    sinatra (1.0)
      rack (>= 1.0)
    therubyracer-heroku (0.8.1.pre3)

PLATFORMS
  ruby

DEPENDENCIES
  coffee-script
  sinatra
  therubyracer-heroku (= 0.8.1.pre3)
